GEM
  remote: http://gemcutter.org/
  specs:
    rack (1.3.0)
    rack-test (0.6.0)
      rack (>= 1.0)
    rspec (2.0.0.beta.4)
      rspec-core (= 2.0.0.beta.4)
      rspec-expectations (= 2.0.0.beta.4)
      rspec-mocks (= 2.0.0.beta.4)
    rspec-core (2.0.0.beta.4)
    rspec-expectations (2.0.0.beta.4)
    rspec-mocks (2.0.0.beta.4)

PLATFORMS
  ruby

DEPENDENCIES
  rack-test
  rspec (= 2.0.0.beta.4)
